GEM
  remote: https://rubygems.org/
  specs:
    archive-zip (0.12.0)
      io-like (~> 0.3.0)
    ffi (1.12.2)
    gqtp (1.0.7)
    groonga-client (0.6.2)
      gqtp (>= 1.0.4)
      groonga-command (>= 1.4.5)
      groonga-command-parser (>= 1.1.0)
      hashie
    groonga-command (1.4.7)
      json
    groonga-command-parser (1.1.4)
      groonga-command (>= 1.4.0)
      json-stream
    haml (5.1.2)
      temple (>= 0.8.0)
      tilt
    hashie (4.1.0)
    io-like (0.3.1)
    json (2.3.0)
    json-stream (0.2.1)
    mini_portile2 (2.6.1)
    mustermann (1.1.1)
      ruby2_keywords (~> 0.0.1)
    nokogiri (1.12.5)
      mini_portile2 (~> 2.6.1)
      racc (~> 1.4)
    parallel (1.19.1)
    pkg-config (1.4.1)
    racc (1.5.2)
    rack (2.2.3)
    rack-protection (2.0.8.1)
      rack
    rake (13.0.1)
    rb-fsevent (0.10.3)
    rb-inotify (0.10.1)
      ffi (~> 1.0)
    rroonga (9.0.7)
      archive-zip
      groonga-client (>= 0.0.3)
      json
      pkg-config
    ruby2_keywords (0.0.2)
    sass (3.7.4)
      sass-listen (~> 4.0.0)
    sass-listen (4.0.0)
      rb-fsevent (~> 0.9, >= 0.9.4)
      rb-inotify (~> 0.9, >= 0.9.7)
    sinatra (2.0.8.1)
      mustermann (~> 1.0)
      rack (~> 2.0)
      rack-protection (= 2.0.8.1)
      tilt (~> 2.0)
    temple (0.8.2)
    tilt (2.0.10)

PLATFORMS
  ruby

DEPENDENCIES
  haml
  nokogiri
  parallel
  rack-protection
  rake
  rroonga
  sass
  sinatra

BUNDLED WITH
   1.17.2
