GEM
  remote: https://rubygems.org/
  specs:
    archive-zip (0.7.0)
      io-like (~> 0.3.0)
    awesome_print (1.6.1)
    diff-lcs (1.2.5)
    gqtp (1.0.6)
    groonga (1.0.0)
      rroonga
    groonga-client (0.1.6)
      gqtp (>= 1.0.4)
      groonga-command (>= 1.0.8)
    groonga-command (1.1.2)
      json
    haml (4.0.6)
      tilt
    io-like (0.3.0)
    json (1.8.3)
    mini_portile (0.6.2)
    nokogiri (1.6.6.2)
      mini_portile (~> 0.6.0)
    pkg-config (1.1.6)
    rack (1.6.1)
    rack-protection (1.5.3)
      rack
    rack-test (0.6.3)
      rack (>= 1.0)
    rroonga (5.0.3)
      archive-zip
      groonga-client (>= 0.0.3)
      json
      pkg-config
    rspec (3.3.0)
      rspec-core (~> 3.3.0)
      rspec-expectations (~> 3.3.0)
      rspec-mocks (~> 3.3.0)
    rspec-core (3.3.0)
      rspec-support (~> 3.3.0)
    rspec-expectations (3.3.0)
      diff-lcs (>= 1.2.0, < 2.0)
      rspec-support (~> 3.3.0)
    rspec-mocks (3.3.0)
      diff-lcs (>= 1.2.0, < 2.0)
      rspec-support (~> 3.3.0)
    rspec-support (3.3.0)
    sass (3.4.14)
    sinatra (1.4.6)
      rack (~> 1.4)
      rack-protection (~> 1.4)
      tilt (>= 1.3, < 3)
    tilt (2.0.1)

PLATFORMS
  ruby

DEPENDENCIES
  better_errors
  binding_of_caller
  haml
  nokogiri
  parallel
  pry
  pry-byebug
  pry-doc
  pry-stack_explorer
  rack-protection
  rack-test
  rake
  rroonga
  rspec
  sass
  sinatra

BUNDLED WITH
   1.10.3
