GEM
  remote: https://rubygems.org/
  specs:
    archive-zip (0.11.0)
      io-like (~> 0.3.0)
    ffi (1.9.25)
    gqtp (1.0.6)
    groonga-client (0.6.0)
      gqtp (>= 1.0.4)
      groonga-command (>= 1.2.8)
      groonga-command-parser (>= 1.1.0)
      hashie
    groonga-command (1.3.8)
      json
    groonga-command-parser (1.1.2)
      groonga-command (>= 1.3.2)
      json-stream
    haml (5.0.4)
      temple (>= 0.8.0)
      tilt
    hashie (3.6.0)
    io-like (0.3.0)
    json (2.1.0)
    json-stream (0.2.1)
    mini_portile2 (2.4.0)
    mustermann (1.0.3)
    nokogiri (1.9.1)
      mini_portile2 (~> 2.4.0)
    parallel (1.12.1)
    pkg-config (1.3.2)
    rack (2.0.6)
    rack-protection (2.0.5)
      rack
    rake (12.3.2)
    rb-fsevent (0.10.3)
    rb-inotify (0.10.0)
      ffi (~> 1.0)
    rroonga (7.1.1)
      archive-zip
      groonga-client (>= 0.0.3)
      json
      pkg-config
    sass (3.7.2)
      sass-listen (~> 4.0.0)
    sass-listen (4.0.0)
      rb-fsevent (~> 0.9, >= 0.9.4)
      rb-inotify (~> 0.9, >= 0.9.7)
    sinatra (2.0.5)
      mustermann (~> 1.0)
      rack (~> 2.0)
      rack-protection (= 2.0.5)
      tilt (~> 2.0)
    temple (0.8.0)
    tilt (2.0.9)

PLATFORMS
  ruby

DEPENDENCIES
  haml
  nokogiri
  parallel
  rack-protection
  rake
  rroonga
  sass
  sinatra

BUNDLED WITH
   1.16.1
