GEM
  remote: https://rubygems.org/
  specs:
    archive-zip (0.7.0)
      io-like (~> 0.3.0)
    awesome_print (1.6.1)
    diff-lcs (1.2.5)
    ffi (1.9.8)
    ffi-yajl (2.2.0)
      libyajl2 (~> 1.2)
    gqtp (1.0.6)
    groonga-client (0.1.3)
      gqtp (>= 1.0.4)
      groonga-command (>= 1.0.8)
      groonga-command-parser
    groonga-command (1.1.2)
      json
    groonga-command-parser (1.0.4)
      ffi
      ffi-yajl
      groonga-command (>= 1.0.9)
    haml (4.0.6)
      tilt
    io-like (0.3.0)
    json (1.8.2)
    libyajl2 (1.2.0)
    mini_portile (0.6.2)
    nokogiri (1.6.6.2)
      mini_portile (~> 0.6.0)
    parallel (1.6.0)
    pkg-config (1.1.6)
    rack (1.6.1)
    rack-protection (1.5.3)
      rack
    rack-test (0.6.3)
      rack (>= 1.0)
    rake (10.4.2)
    rroonga (5.0.2)
      archive-zip
      groonga-client (>= 0.0.3)
      json
      pkg-config
    rspec (3.2.0)
      rspec-core (~> 3.2.0)
      rspec-expectations (~> 3.2.0)
      rspec-mocks (~> 3.2.0)
    rspec-core (3.2.3)
      rspec-support (~> 3.2.0)
    rspec-expectations (3.2.1)
      diff-lcs (>= 1.2.0, < 2.0)
      rspec-support (~> 3.2.0)
    rspec-mocks (3.2.1)
      diff-lcs (>= 1.2.0, < 2.0)
      rspec-support (~> 3.2.0)
    rspec-support (3.2.2)
    sass (3.4.14)
    sinatra (1.4.6)
      rack (~> 1.4)
      rack-protection (~> 1.4)
      tilt (>= 1.3, < 3)
    tilt (2.0.1)

PLATFORMS
  ruby

DEPENDENCIES
  awesome_print
  haml
  nokogiri
  parallel
  rack-protection
  rack-test
  rake
  rroonga
  rspec
  sass
  sinatra
