GEM
  remote: https://rubygems.org/
  specs:
    archive-zip (0.5.0)
      io-like (>= 0.3.0)
    awesome_print (1.2.0)
    diff-lcs (1.2.1)
    haml (3.1.8)
    io-like (0.3.0)
    json (1.7.7)
    nokogiri (1.5.6)
    pkg-config (1.1.4)
    rack (1.5.2)
    rack-protection (1.4.0)
      rack
    rack-test (0.6.2)
      rack (>= 1.0)
    rroonga (2.1.3)
      archive-zip
      json
      pkg-config
    rspec (2.13.0)
      rspec-core (~> 2.13.0)
      rspec-expectations (~> 2.13.0)
      rspec-mocks (~> 2.13.0)
    rspec-core (2.13.0)
    rspec-expectations (2.13.0)
      diff-lcs (>= 1.1.3, < 2.0)
    rspec-mocks (2.13.0)
    sass (3.2.6)
    sinatra (1.3.5)
      rack (~> 1.4)
      rack-protection (~> 1.3)
      tilt (~> 1.3, >= 1.3.3)
    tilt (1.3.4)

PLATFORMS
  ruby

DEPENDENCIES
  awesome_print
  haml
  nokogiri
  rack-protection
  rack-test
  rroonga
  rspec
  sass
  sinatra
