GEM
  remote: https://rubygems.org/
  specs:
    archive-zip (0.7.0)
      io-like (~> 0.3.0)
    awesome_print (1.2.0)
    diff-lcs (1.2.5)
    gqtp (1.0.6)
    groonga-client (0.0.9)
      gqtp (>= 1.0.4)
      groonga-command (>= 1.0.8)
    groonga-command (1.0.9)
      json
    haml (4.0.5)
      tilt
    io-like (0.3.0)
    json (1.8.1)
    mini_portile (0.6.0)
    nokogiri (1.6.3.1)
      mini_portile (= 0.6.0)
    pkg-config (1.1.5)
    rack (1.5.2)
    rack-protection (1.5.3)
      rack
    rack-test (0.6.2)
      rack (>= 1.0)
    rroonga (4.0.5)
      archive-zip
      groonga-client (>= 0.0.3)
      json
      pkg-config
    rspec (3.1.0)
      rspec-core (~> 3.1.0)
      rspec-expectations (~> 3.1.0)
      rspec-mocks (~> 3.1.0)
    rspec-core (3.1.7)
      rspec-support (~> 3.1.0)
    rspec-expectations (3.1.2)
      diff-lcs (>= 1.2.0, < 2.0)
      rspec-support (~> 3.1.0)
    rspec-mocks (3.1.3)
      rspec-support (~> 3.1.0)
    rspec-support (3.1.2)
    sass (3.4.6)
    sinatra (1.4.5)
      rack (~> 1.4)
      rack-protection (~> 1.4)
      tilt (~> 1.3, >= 1.3.4)
    tilt (1.4.1)

PLATFORMS
  ruby

DEPENDENCIES
  awesome_print
  haml
  nokogiri
  rack-protection
  rack-test
  rroonga
  rspec
  sass
  sinatra
